GIT
  remote: git://github.com/miyaz/ruboty-ec2.git
  revision: 85a0642e1936cd4655704fbb8b0bef3884437f4d
  specs:
    ruboty-ec2 (0.1.8)
      aws-sdk (~> 2.0.0)
      ruboty
      ruboty-redis

GIT
  remote: git://github.com/miyaz/ruboty-inc.git
  revision: 78056652b007f1aa46e2983990c76e751b73c12e
  specs:
    ruboty-inc (0.1.4)
      ruboty

GEM
  remote: https://rubygems.org/
  specs:
    activesupport (4.2.4)
      i18n (~> 0.7)
      json (~> 1.7, >= 1.7.7)
      minitest (~> 5.1)
      thread_safe (~> 0.3, >= 0.3.4)
      tzinfo (~> 1.1)
    aws-sdk (2.0.48)
      aws-sdk-resources (= 2.0.48)
    aws-sdk-core (2.0.48)
      builder (~> 3.0)
      jmespath (~> 1.0)
      multi_json (~> 1.0)
    aws-sdk-resources (2.0.48)
      aws-sdk-core (= 2.0.48)
    builder (3.2.2)
    chrono (0.0.6)
      activesupport
    dotenv (2.0.2)
    faraday (0.9.1)
      multipart-post (>= 1.2, < 3)
    faraday_middleware (0.10.0)
      faraday (>= 0.7.4, < 0.10)
    i18n (0.7.0)
    jmespath (1.0.2)
      multi_json (~> 1.0)
    json (1.8.3)
    mem (0.1.5)
    minitest (5.8.0)
    multi_json (1.11.2)
    multipart-post (2.0.0)
    rake (10.4.2)
    redis (3.2.1)
    redis-namespace (1.5.2)
      redis (~> 3.0, >= 3.0.4)
    ruboty (1.2.2)
      activesupport
      bundler
      dotenv
      mem
      slop
    ruboty-alias (0.0.8)
      ruboty (>= 1.1.1)
    ruboty-cron (1.0.2)
      activesupport
      chrono
      ruboty (>= 0.2.0)
    ruboty-echo (0.1.0)
      ruboty
    ruboty-google_image (0.0.7)
      faraday
      faraday_middleware
      ruboty
    ruboty-hi (1.0.0)
    ruboty-redis (0.0.6)
      redis
      redis-namespace
      ruboty
    ruboty-redis-info (0.0.1)
      ruboty
      ruboty-redis
    ruboty-slack (0.1.12)
      ruboty (>= 1.0.4)
      xrc (>= 0.1.8)
    slop (4.2.0)
    thread_safe (0.3.5)
    tzinfo (1.2.2)
      thread_safe (~> 0.1)
    xrc (0.1.8)
      activesupport

PLATFORMS
  ruby

DEPENDENCIES
  rake
  ruboty-alias
  ruboty-cron
  ruboty-ec2 (= 0.1.8)!
  ruboty-echo
  ruboty-google_image
  ruboty-hi
  ruboty-inc (= 0.1.4)!
  ruboty-redis
  ruboty-redis-info
  ruboty-slack

BUNDLED WITH
   1.10.6
